GEM
  remote: http://rubygems.org/
  specs:
    activemodel (3.0.12)
      activesupport (= 3.0.12)
      builder (~> 2.1.2)
      i18n (~> 0.5.0)
    activerecord (3.0.12)
      activemodel (= 3.0.12)
      activesupport (= 3.0.12)
      arel (~> 2.0.10)
      tzinfo (~> 0.3.23)
    activerecord-mysql2-adapter (0.0.3)
      mysql2
    activesupport (3.0.12)
    arel (2.0.10)
    builder (2.1.2)
    capistrano (2.12.0)
      highline
      net-scp (>= 1.0.0)
      net-sftp (>= 2.0.0)
      net-ssh (>= 2.0.14)
      net-ssh-gateway (>= 1.1.0)
    capistrano-ext (1.2.1)
      capistrano (>= 1.0.0)
    capistrano_colors (0.5.5)
    crypt-isaac (0.9.1)
    daemon_controller (1.0.0)
    fastthread (1.0.7)
    highline (1.6.13)
    i18n (0.5.0)
    kgio (2.7.4)
    mysql2 (0.3.11)
    net-ldap (0.3.1)
    net-scp (1.0.4)
      net-ssh (>= 1.99.1)
    net-sftp (2.0.5)
      net-ssh (>= 2.0.9)
    net-ssh (2.5.2)
    net-ssh-gateway (1.1.0)
      net-ssh (>= 1.99.1)
    passenger (3.0.15)
      daemon_controller (>= 1.0.0)
      fastthread (>= 1.0.1)
      rack
      rake (>= 0.8.1)
    r18n-core (1.1.0)
    rack (1.4.1)
    rack-protection (1.2.0)
      rack
    raindrops (0.10.0)
    rake (0.9.2.2)
    rubycas-server (1.1.1)
      activerecord (>= 2.3.12, < 3.1)
      activesupport (>= 2.3.12, < 3.1)
      crypt-isaac (~> 0.9.1)
      sinatra (~> 1.0)
      sinatra-r18n
    rvm-capistrano (1.2.5)
      capistrano (>= 2.0.0)
    sinatra (1.3.2)
      rack (~> 1.3, >= 1.3.6)
      rack-protection (~> 1.2)
      tilt (~> 1.3, >= 1.3.3)
    sinatra-r18n (1.1.0)
      r18n-core (= 1.1.0)
      sinatra (>= 1.3)
    sqlite3 (1.3.6)
    tilt (1.3.3)
    tzinfo (0.3.33)
    unicorn (4.3.1)
      kgio (~> 2.6)
      rack
      raindrops (~> 0.7)

PLATFORMS
  ruby

DEPENDENCIES
  activerecord
  activerecord-mysql2-adapter
  activesupport
  capistrano
  capistrano-ext
  capistrano_colors
  crypt-isaac
  mysql2
  net-ldap (~> 0.3.0)
  passenger
  rubycas-server
  rvm-capistrano
  sinatra
  sinatra-r18n
  sqlite3
  unicorn
