GIT
  remote: https://github.com/getsentry/raven-ruby.git
  revision: 4efeeb5e7812b9852a407e910d8fcf1dd5e1809a
  specs:
    sentry-raven (0.4.8)
      faraday (>= 0.7.6)
      hashie (>= 1.1.0)
      multi_json (~> 1.0)
      uuidtools

GEM
  remote: http://rubygems.org/
  specs:
    activemodel (3.0.20)
      activesupport (= 3.0.20)
      builder (~> 2.1.2)
      i18n (~> 0.5.0)
    activerecord (3.0.20)
      activemodel (= 3.0.20)
      activesupport (= 3.0.20)
      arel (~> 2.0.10)
      tzinfo (~> 0.3.23)
    activerecord-mysql2-adapter (0.0.3)
      mysql2
    activeresource (3.0.20)
      activemodel (= 3.0.20)
      activesupport (= 3.0.20)
    activesupport (3.0.20)
    appraisal (0.5.2)
      bundler
      rake
    arel (2.0.10)
    builder (2.1.2)
    capistrano (2.15.4)
      highline
      net-scp (>= 1.0.0)
      net-sftp (>= 2.0.0)
      net-ssh (>= 2.0.14)
      net-ssh-gateway (>= 1.1.0)
    capistrano-ext (1.2.1)
      capistrano (>= 1.0.0)
    capistrano-unicorn (0.1.9)
      capistrano
    capistrano_colors (0.5.5)
    crypt-isaac (0.9.1)
    dotenv (0.8.0)
    faraday (0.8.7)
      multipart-post (~> 1.1)
    foreman (0.63.0)
      dotenv (>= 0.7)
      thor (>= 0.13.6)
    hashie (2.0.5)
    highline (1.6.19)
    i18n (0.5.0)
    jsmin (1.0.1)
    kgio (2.8.0)
    libv8 (3.11.8.17)
    multi_json (1.7.7)
    multipart-post (1.2.0)
    mysql2 (0.3.11)
    net-ldap (0.1.1)
    net-scp (1.1.1)
      net-ssh (>= 2.6.5)
    net-sftp (2.1.2)
      net-ssh (>= 2.6.5)
    net-ssh (2.6.7)
    net-ssh-gateway (1.2.0)
      net-ssh (>= 2.6.5)
    newrelic_rpm (3.6.4.122)
    r18n-core (1.1.5)
    rack (1.5.2)
    rack-protection (1.5.0)
      rack
    rack-test (0.6.2)
      rack (>= 1.0)
    raindrops (0.11.0)
    rake (10.1.0)
    ref (1.0.5)
    sinatra (1.4.3)
      rack (~> 1.4)
      rack-protection (~> 1.4)
      tilt (~> 1.3, >= 1.3.4)
    sinatra-assetpack (0.2.6)
      jsmin
      rack-test
      sinatra
      tilt (>= 1.3.0)
    sinatra-r18n (1.1.5)
      r18n-core (= 1.1.5)
      sinatra (>= 1.3)
    synapse-rubycas-server (1.1.3.pre)
      activerecord (>= 2.3.12, < 4.0)
      activesupport (>= 2.3.12, < 4.0)
      crypt-isaac (~> 0.9.1)
      sinatra (~> 1.0)
      sinatra-r18n (~> 1.1.0)
    syslogger (1.5.0)
    therubyracer (0.11.4)
      libv8 (~> 3.11.8.12)
      ref
    thor (0.18.1)
    tilt (1.4.1)
    tzinfo (0.3.37)
    unicorn (4.6.3)
      kgio (~> 2.6)
      rack
      raindrops (~> 0.7)
    uuidtools (2.1.4)

PLATFORMS
  ruby

DEPENDENCIES
  activerecord
  activerecord-mysql2-adapter
  activeresource (>= 2.3.12, < 4.0)
  activesupport
  appraisal
  capistrano
  capistrano-ext
  capistrano-unicorn
  capistrano_colors
  crypt-isaac
  foreman
  libv8 (~> 3.11.8.3)
  mysql2
  net-ldap (~> 0.1.1)
  newrelic_rpm
  sentry-raven!
  sinatra
  sinatra-assetpack
  sinatra-r18n
  synapse-rubycas-server
  syslogger
  therubyracer
  unicorn
